GEM
  remote: https://rubygems.org/
  specs:
    awesome_print (1.8.0)
    byebug (11.1.3)
    minitest (5.14.1)
    rake (13.0.1)

PLATFORMS
  ruby

DEPENDENCIES
  awesome_print
  byebug
  minitest
  rake

BUNDLED WITH
   2.1.4
