GEM
  remote: https://rubygems.org/
  specs:
    awesome_print (1.7.0)
    byebug (9.0.6)
    minitest (5.9.1)

PLATFORMS
  ruby

DEPENDENCIES
  awesome_print
  byebug
  minitest

BUNDLED WITH
   1.12.5
